PATH
  remote: .
  specs:
    vestal_versions (1.3.0)
      activerecord (~> 3.0.0)
      activesupport (~> 3.0.0)

GEM
  remote: http://rubygems.org/
  specs:
    activemodel (3.0.12)
      activesupport (= 3.0.12)
      builder (~> 2.1.2)
      i18n (~> 0.5.0)
    activerecord (3.0.12)
      activemodel (= 3.0.12)
      activesupport (= 3.0.12)
      arel (~> 2.0.10)
      tzinfo (~> 0.3.23)
    activesupport (3.0.12)
    arel (2.0.10)
    builder (2.1.2)
    diff-lcs (1.1.3)
    i18n (0.5.0)
    multi_json (1.1.0)
    rake (0.9.2.2)
    rcov (1.0.0)
    rspec (2.8.0)
      rspec-core (~> 2.8.0)
      rspec-expectations (~> 2.8.0)
      rspec-mocks (~> 2.8.0)
    rspec-core (2.8.0)
    rspec-expectations (2.8.0)
      diff-lcs (~> 1.1.2)
    rspec-mocks (2.8.0)
    simplecov (0.6.1)
      multi_json (~> 1.0)
      simplecov-html (~> 0.5.3)
    simplecov-html (0.5.3)
    sqlite3 (1.3.5)
    tzinfo (0.3.32)

PLATFORMS
  ruby

DEPENDENCIES
  rake
  rcov
  rspec
  simplecov
  sqlite3
  vestal_versions!
